STORAGE: NONE
NUGET
  remote: https://api.nuget.org/v3/index.json
    Fable.Core (3.1.5)
      FSharp.Core (>= 4.7) - restriction: >= netstandard2.0
    FSharp.Core (4.7.1)
